GEM
  remote: http://rubygems.org/
  specs:
    abstract (1.0.0)
    fakefs (0.4.0)
    git (1.2.5)
    jeweler (1.6.4)
      bundler (~> 1.0)
      git (>= 1.2.5)
      rake
    rake (0.9.2)
    rb-appscript (0.6.1)
    rcov (0.9.10)
    rdoc (3.9.4)
    riot (0.12.5)
      rr
    rr (1.0.4)

PLATFORMS
  ruby

DEPENDENCIES
  abstract
  bundler (~> 1.0.0)
  fakefs
  jeweler (~> 1.6.4)
  rb-appscript
  rcov
  rdoc
  riot
  rr
