GEM
  remote: http://rubygems.org/
  specs:
    abstract (1.0.0)
    fakefs (0.4.0)
    git (1.2.5)
    jeweler (1.6.4)
      bundler (~> 1.0)
      git (>= 1.2.5)
      rake
    multi_json (1.0.3)
    rake (0.9.2)
    rb-appscript (0.6.1)
    rdoc (3.9.4)
    riot (0.12.5)
      rr
    rr (1.0.4)
    simplecov (0.5.3)
      multi_json (~> 1.0.3)
      simplecov-html (~> 0.5.3)
    simplecov-html (0.5.3)
    thor (0.14.6)

PLATFORMS
  ruby

DEPENDENCIES
  abstract
  bundler (~> 1.0.0)
  fakefs
  jeweler (~> 1.6.4)
  rb-appscript
  rdoc
  riot
  rr
  simplecov
  thor
